GEM
  remote: http://rubygems.org/
  specs:
    abstract (1.0.0)
    actionmailer (3.0.0.rc2)
      actionpack (= 3.0.0.rc2)
      mail (~> 2.2.5)
    actionpack (3.0.0.rc2)
      activemodel (= 3.0.0.rc2)
      activesupport (= 3.0.0.rc2)
      builder (~> 2.1.2)
      erubis (~> 2.6.6)
      i18n (~> 0.4.1)
      rack (~> 1.2.1)
      rack-mount (~> 0.6.12)
      rack-test (~> 0.5.4)
      tzinfo (~> 0.3.23)
    activemodel (3.0.0.rc2)
      activesupport (= 3.0.0.rc2)
      builder (~> 2.1.2)
      i18n (~> 0.4.1)
    activerecord (3.0.0.rc2)
      activemodel (= 3.0.0.rc2)
      activesupport (= 3.0.0.rc2)
      arel (~> 1.0.0.rc1)
      tzinfo (~> 0.3.23)
    activeresource (3.0.0.rc2)
      activemodel (= 3.0.0.rc2)
      activesupport (= 3.0.0.rc2)
    activesupport (3.0.0.rc2)
    arel (1.0.1)
      activesupport (~> 3.0.0)
    builder (2.1.2)
    diff-lcs (1.1.2)
    erubis (2.6.6)
      abstract (>= 1.0.0)
    has_scope (0.5.0)
    i18n (0.4.1)
    inherited_resources (1.1.2)
      has_scope (~> 0.5.0)
      responders (~> 0.6.0)
    jquery-rails (0.2.1)
      rails (~> 3.0.0)
    mail (2.2.6.1)
      activesupport (>= 2.3.6)
      mime-types
      treetop (>= 1.4.5)
    mime-types (1.16)
    mysql (2.8.1)
    polyglot (0.3.1)
    rack (1.2.1)
    rack-mount (0.6.13)
      rack (>= 1.0.0)
    rack-test (0.5.6)
      rack (>= 1.0)
    rails (3.0.0.rc2)
      actionmailer (= 3.0.0.rc2)
      actionpack (= 3.0.0.rc2)
      activerecord (= 3.0.0.rc2)
      activeresource (= 3.0.0.rc2)
      activesupport (= 3.0.0.rc2)
      bundler (>= 1.0.0.rc.6)
      railties (= 3.0.0.rc2)
    railties (3.0.0.rc2)
      actionpack (= 3.0.0.rc2)
      activesupport (= 3.0.0.rc2)
      rake (>= 0.8.3)
      thor (~> 0.14.0)
    rake (0.8.7)
    responders (0.6.2)
    rspec (2.0.0.beta.22)
      rspec-core (= 2.0.0.beta.22)
      rspec-expectations (= 2.0.0.beta.22)
      rspec-mocks (= 2.0.0.beta.22)
    rspec-core (2.0.0.beta.22)
    rspec-expectations (2.0.0.beta.22)
      diff-lcs (>= 1.1.2)
    rspec-mocks (2.0.0.beta.22)
      rspec-core (= 2.0.0.beta.22)
      rspec-expectations (= 2.0.0.beta.22)
    rspec-rails (2.0.0.beta.22)
      rspec (= 2.0.0.beta.22)
    sqlite3-ruby (1.3.1)
    thor (0.14.2)
    treetop (1.4.8)
      polyglot (>= 0.3.1)
    tzinfo (0.3.23)

PLATFORMS
  ruby

DEPENDENCIES
  inherited_resources
  jquery-rails
  mysql
  rails (= 3.0.0.rc2)
  rspec (>= 2.0.0.beta.18)
  rspec-rails (>= 2.0.0.beta.18)
  sqlite3-ruby
